GEM
  remote: https://rubygems.org/
  specs:
    builder (3.2.2)
    dictionary_lookup (0.3.0)
    domain_name (0.5.24)
      unf (>= 0.0.5, < 1.0.0)
    happymapper (0.4.1)
      libxml-ruby (~> 2.0)
    http-cookie (1.0.2)
      domain_name (~> 0.5)
    jwt (1.5.1)
    libxml-ruby (2.8.0)
    mime-types (2.6.1)
    multi_json (1.11.2)
    netrc (0.10.3)
    rack (1.6.4)
    rack-protection (1.5.3)
      rack
    rest-client (1.8.0)
      http-cookie (>= 1.0.2, < 2.0)
      mime-types (>= 1.16, < 3.0)
      netrc (~> 0.7)
    ruby-units (1.4.5)
    sinatra (1.4.6)
      rack (~> 1.4)
      rack-protection (~> 1.4)
      tilt (>= 1.3, < 3)
    temperature (1.2)
    tilt (2.0.1)
    twilio-ruby (4.3.0)
      builder (>= 2.1.2)
      jwt (~> 1.0)
      multi_json (>= 1.3.0)
    unf (0.1.4)
      unf_ext
    unf_ext (0.0.7.1)
    weather-underground (1.1.1)
      happymapper
      rest-client
      temperature (>= 1.0.0)

PLATFORMS
  ruby

DEPENDENCIES
  dictionary_lookup (= 0.3.0)
  ruby-units (= 1.4.5)
  sinatra (= 1.4.6)
  twilio-ruby (= 4.3.0)
  weather-underground (= 1.1.1)

BUNDLED WITH
   1.10.6
